GEM
  remote: https://rubygems.org/
  remote: http://gems.github.com/
  specs:
    curb (0.8.1)
    daemons (1.1.9)
    epoxy (0.3.1)
    eventmachine (1.0.0)
    httparty (0.9.0)
      multi_json (~> 1.0)
      multi_xml
    json (1.7.5)
    methlab (0.1.0)
    multi_json (1.3.6)
    multi_xml (0.5.1)
    rack (1.4.1)
    rack-protection (1.2.0)
      rack
    rdbi (0.9.1)
      epoxy (>= 0.3.1)
      methlab (>= 0.0.9)
      typelib
    rdbi-driver-sqlite3 (0.9.1)
      epoxy (>= 0.3.1)
      methlab
      rdbi
      sqlite3-ruby (~> 1.3)
    sinatra (1.3.2)
      rack (~> 1.3, >= 1.3.6)
      rack-protection (~> 1.2)
      tilt (~> 1.3, >= 1.3.3)
    socrata (0.2.1)
      curb (>= 0.5.4.0)
      httparty (>= 0.4.3)
      json (>= 1.1.6)
    sqlite3 (1.3.6)
    sqlite3-ruby (1.3.3)
      sqlite3 (>= 1.3.3)
    thin (1.4.1)
      daemons (>= 1.0.9)
      eventmachine (>= 0.12.6)
      rack (>= 1.0.0)
    tilt (1.3.3)
    typelib (0.1.0)

PLATFORMS
  ruby

DEPENDENCIES
  json
  rdbi-driver-sqlite3
  sinatra
  socrata (~> 0.2.0)
  thin
