GEM
  remote: http://rubygems.org/
  remote: http://gems.github.com/
  specs:
    dbd-sqlite3 (1.2.5)
      dbi (>= 0.4.0)
      sqlite3-ruby
    dbi (0.4.5)
      deprecated (= 2.0.1)
    deprecated (2.0.1)
    json (1.7.5)
    rack (1.4.1)
    rack-protection (1.2.0)
      rack
    sinatra (1.3.2)
      rack (~> 1.3, >= 1.3.6)
      rack-protection (~> 1.2)
      tilt (~> 1.3, >= 1.3.3)
    sqlite3-ruby (1.3.2)
    tilt (1.3.3)

PLATFORMS
  ruby

DEPENDENCIES
  dbd-sqlite3
  dbi (= 0.4.5)
  json
  sinatra (= 1.3.2)
  sqlite3-ruby (= 1.3.2)
